GEM
  remote: https://rubygems.org/
  specs:
    webrick (1.8.1)

PLATFORMS
  x64-mingw-ucrt

DEPENDENCIES
  webrick (~> 1.7)

BUNDLED WITH
   2.3.26
